GEM
  remote: https://rubygems.org/
  specs:
    bigdecimal (3.1.9)
    nokogiri (1.18.8-aarch64-linux-gnu)
      racc (~> 1.4)
    racc (1.8.1)
    sequel (5.92.0)
      bigdecimal
    sqlite3 (2.6.0-aarch64-linux-gnu)

PLATFORMS
  aarch64-linux

DEPENDENCIES
  nokogiri
  sequel
  sqlite3

BUNDLED WITH
   2.4.19
